PATH
  remote: .
  specs:
    sidekiq-benchmark (0.7.0)
      chartkick (>= 1.1.1)
      sidekiq (~> 6)

GEM
  remote: https://rubygems.org/
  specs:
    chartkick (3.4.0)
    chronic (0.10.2)
    coderay (1.1.3)
    connection_pool (2.2.3)
    coveralls (0.8.23)
      json (>= 1.8, < 3)
      simplecov (~> 0.16.1)
      term-ansicolor (~> 1.3)
      thor (>= 0.19.4, < 2.0)
      tins (~> 1.6)
    delorean (2.1.0)
      chronic
    docile (1.3.2)
    json (2.3.1)
    method_source (1.0.0)
    minitest (5.14.2)
    pry (0.13.1)
      coderay (~> 1.1)
      method_source (~> 1.0)
    rack (2.2.3)
    rack-test (1.1.0)
      rack (>= 1.0, < 3)
    rake (13.0.1)
    redis (4.2.2)
    sidekiq (6.1.2)
      connection_pool (>= 2.2.2)
      rack (~> 2.0)
      redis (>= 4.2.0)
    simplecov (0.16.1)
      docile (~> 1.1)
      json (>= 1.8, < 3)
      simplecov-html (~> 0.10.0)
    simplecov-html (0.10.2)
    sync (0.5.0)
    term-ansicolor (1.7.1)
      tins (~> 1.0)
    thor (1.0.1)
    tins (1.25.0)
      sync

PLATFORMS
  ruby

DEPENDENCIES
  coveralls
  delorean (~> 2.1)
  minitest (~> 5)
  pry
  rack-test
  rake
  sidekiq-benchmark!

BUNDLED WITH
   2.1.4
