PATH
  remote: ../..
  specs:
    sidekiq-benchmark (0.7.0)
      chartkick (>= 1.1.1)
      sidekiq (~> 6)

GEM
  remote: https://rubygems.org/
  specs:
    chartkick (3.4.0)
    connection_pool (2.2.3)
    mustermann (1.1.1)
      ruby2_keywords (~> 0.0.1)
    rack (2.2.3)
    rack-protection (2.1.0)
      rack
    redis (4.2.2)
    ruby2_keywords (0.0.2)
    sidekiq (6.1.2)
      connection_pool (>= 2.2.2)
      rack (~> 2.0)
      redis (>= 4.2.0)
    sinatra (2.1.0)
      mustermann (~> 1.0)
      rack (~> 2.2)
      rack-protection (= 2.1.0)
      tilt (~> 2.0)
    tilt (2.0.10)

PLATFORMS
  ruby

DEPENDENCIES
  sidekiq
  sidekiq-benchmark!
  sinatra

BUNDLED WITH
   2.1.4
